GEM
  remote: https://rubygems.org/
  specs:
    citrus (3.0.2)
    rake (12.0.0)
    toml-rb (0.3.15)
      citrus (~> 3.0, > 3.0)

PLATFORMS
  ruby

DEPENDENCIES
  rake
  toml-rb

BUNDLED WITH
   1.14.6
